GEM
  remote: https://rubygems.org/
  specs:
    byebug (9.0.5)
    mini_portile2 (2.1.0)
    nokogiri (1.6.8)
      mini_portile2 (~> 2.1.0)
      pkg-config (~> 1.1.7)
    pkg-config (1.1.7)

PLATFORMS
  ruby

DEPENDENCIES
  byebug
  nokogiri

RUBY VERSION
   ruby 2.3.1p112

BUNDLED WITH
   1.13.1
